GEM
  remote: https://rubygems.org/
  specs:
    mini_portile (0.5.2)
    nokogiri (1.6.1)
      mini_portile (~> 0.5.0)
    open_uri_redirections (0.2.1)
    rest-open-uri (1.0.0)

PLATFORMS
  ruby

DEPENDENCIES
  nokogiri
  open_uri_redirections
  rest-open-uri
